GEM
  remote: https://rubygems.org/
  specs:
    addressable (2.5.2)
      public_suffix (>= 2.0.2, < 4.0)
    better_errors (2.5.0)
      coderay (>= 1.0.0)
      erubi (>= 1.0.0)
      rack (>= 0.9.0)
    binding_of_caller (0.8.0)
      debug_inspector (>= 0.0.1)
    capybara (3.8.2)
      addressable
      mini_mime (>= 0.1.3)
      nokogiri (~> 1.8)
      rack (>= 1.6.0)
      rack-test (>= 0.6.3)
      xpath (~> 3.1)
    coderay (1.1.2)
    concurrent-ruby (1.0.5)
    debug_inspector (0.0.3)
    dotenv (2.5.0)
    dry-configurable (0.7.0)
      concurrent-ruby (~> 1.0)
    dry-container (0.6.0)
      concurrent-ruby (~> 1.0)
      dry-configurable (~> 0.1, >= 0.1.3)
    dry-core (0.4.7)
      concurrent-ruby (~> 1.0)
    dry-equalizer (0.2.1)
    dry-logic (0.4.2)
      dry-container (~> 0.2, >= 0.2.6)
      dry-core (~> 0.2)
      dry-equalizer (~> 0.2)
    dry-types (0.12.3)
      concurrent-ruby (~> 1.0)
      dry-configurable (~> 0.1)
      dry-container (~> 0.3)
      dry-core (~> 0.2, >= 0.2.1)
      dry-equalizer (~> 0.2)
      dry-logic (~> 0.4, >= 0.4.2)
      inflecto (~> 0.0.0, >= 0.0.2)
    dry-validation (0.11.1)
      concurrent-ruby (~> 1.0)
      dry-configurable (~> 0.1, >= 0.1.3)
      dry-core (~> 0.2, >= 0.2.1)
      dry-equalizer (~> 0.2)
      dry-logic (~> 0.4, >= 0.4.0)
      dry-types (~> 0.12.0)
    erubi (1.7.1)
    hanami (1.3.0.beta1)
      bundler
      concurrent-ruby (~> 1.0)
      hanami-assets (~> 1.3.beta)
      hanami-cli (~> 0.3.beta)
      hanami-controller (~> 1.3.beta)
      hanami-helpers (~> 1.3.beta)
      hanami-mailer (~> 1.3.beta)
      hanami-router (~> 1.3.beta)
      hanami-utils (~> 1.3.beta)
      hanami-validations (~> 1.3.beta)
      hanami-view (~> 1.3.beta)
    hanami-assets (1.3.0.beta1)
      hanami-helpers (~> 1.3.beta)
      hanami-utils (~> 1.3.beta)
      tilt (~> 2.0, >= 2.0.2)
    hanami-cli (0.3.0.beta1)
      concurrent-ruby (~> 1.0)
      hanami-utils (~> 1.3.beta)
    hanami-controller (1.3.0.beta1)
      hanami-utils (~> 1.3.beta)
      rack (~> 2.0)
    hanami-helpers (1.3.0.beta1)
      hanami-utils (~> 1.2.beta)
    hanami-mailer (1.3.0.beta1)
      hanami-utils (~> 1.3.beta)
      mail (~> 2.6)
      tilt (~> 2.0, >= 2.0.1)
    hanami-router (1.3.0.beta1)
      hanami-utils (~> 1.3.beta)
      http_router (= 0.11.2)
      rack (~> 2.0)
    hanami-utils (1.3.0.beta1)
      concurrent-ruby (~> 1.0)
      transproc (~> 1.0)
    hanami-validations (1.3.0.beta1)
      dry-validation (~> 0.11, < 0.12)
      hanami-utils (~> 1.3.beta)
    hanami-view (1.3.0.beta1)
      hanami-utils (~> 1.3.beta)
      tilt (~> 2.0, >= 2.0.1)
    hanami-webconsole (0.1.0)
      better_errors (~> 2.4)
      binding_of_caller (~> 0.8)
    http_router (0.11.2)
      rack (>= 1.0.0)
      url_mount (~> 0.2.1)
    inflecto (0.0.2)
    mail (2.7.0)
      mini_mime (>= 0.1.1)
    method_source (0.9.0)
    mini_mime (1.0.1)
    mini_portile2 (2.5.1)
    minitest (5.11.3)
    nokogiri (1.11.5)
      mini_portile2 (~> 2.5.0)
      racc (~> 1.4)
    pg (1.1.3)
    pry (0.11.3)
      coderay (~> 1.1.0)
      method_source (~> 0.9.0)
    public_suffix (3.0.3)
    racc (1.5.2)
    rack (2.0.5)
    rack-test (1.1.0)
      rack (>= 1.0, < 3)
    rake (12.3.1)
    shotgun (0.9.2)
      rack (>= 1.0)
    tilt (2.0.8)
    transproc (1.0.2)
    url_mount (0.2.1)
      rack
    xpath (3.1.0)
      nokogiri (~> 1.8)

PLATFORMS
  ruby

DEPENDENCIES
  capybara
  dotenv (~> 2.5)
  hanami (~> 1.3.0.beta1)
  hanami-webconsole
  minitest
  pg (~> 1.1.3)
  pry
  rake
  shotgun

BUNDLED WITH
   1.16.1
